GEM
  remote: https://rubygems.org/
  specs:
    activesupport (7.0.4.1)
      concurrent-ruby (~> 1.0, >= 1.0.2)
      i18n (>= 1.6, < 2)
      minitest (>= 5.1)
      tzinfo (~> 2.0)
    concurrent-ruby (1.1.10)
    digest (3.1.0)
    google-protobuf (3.21.9)
    google-protobuf (3.21.9-x86_64-linux)
    i18n (1.12.0)
      concurrent-ruby (~> 1.0)
    json (2.6.2)
    minitest (5.17.0)
    optparse (0.2.0)
    pg (1.4.5)
    pg_query (2.2.0)
      google-protobuf (>= 3.19.2)
    set (1.0.3)
    tzinfo (2.0.5)
      concurrent-ruby (~> 1.0)
    yaml (0.2.0)

PLATFORMS
  aarch64-linux
  arm64-darwin-21
  x86_64-linux

DEPENDENCIES
  activesupport
  digest
  json
  optparse
  pg
  pg_query
  set
  yaml

RUBY VERSION
   ruby 3.1.2p20

BUNDLED WITH
   2.3.7
