PATH
  remote: .
  specs:
    pg_index_benchmark (0.0.0)
      activesupport (>= 7.0.4, < 8.0)
      digest (>= 3.1.0, < 4.0)
      json (>= 2.6.2, < 3.0)
      minitest (~> 5.16)
      optparse (>= 0.2.0, < 1.0)
      pg (>= 1.4.5, < 2.0)
      pg_query (>= 2.2.0, < 3.0)
      rainbow (>= 2.2.2, < 4.0)
      rake (~> 13.0)
      set (>= 1.0.3, < 2.0)
      yaml (>= 0.2.0, < 1.0)

GEM
  remote: https://rubygems.org/
  specs:
    activesupport (7.0.4.1)
      concurrent-ruby (~> 1.0, >= 1.0.2)
      i18n (>= 1.6, < 2)
      minitest (>= 5.1)
      tzinfo (~> 2.0)
    concurrent-ruby (1.1.10)
    digest (3.1.0)
    google-protobuf (3.21.9)
    i18n (1.12.0)
      concurrent-ruby (~> 1.0)
    json (2.6.2)
    minitest (5.17.0)
    optparse (0.2.0)
    pg (1.4.5)
    pg_query (2.2.0)
      google-protobuf (>= 3.19.2)
    rainbow (3.1.1)
    rake (13.0.6)
    set (1.0.3)
    tzinfo (2.0.5)
      concurrent-ruby (~> 1.0)
    yaml (0.2.0)

PLATFORMS
  aarch64-linux
  arm64-darwin-21
  x86_64-linux

DEPENDENCIES
  pg_index_benchmark!

BUNDLED WITH
   2.3.7
